PATH
  remote: .
  specs:
    ssh_scan (0.0.16)
      bindata (~> 2.0)
      haml
      net-ssh
      netaddr
      secure_headers
      sinatra
      sinatra-contrib
      sqlite3

GEM
  remote: https://rubygems.org/
  specs:
    backports (3.6.8)
    bindata (2.3.4)
    coderay (1.1.1)
    diff-lcs (1.2.5)
    haml (4.0.7)
      tilt
    method_source (0.8.2)
    multi_json (1.12.1)
    net-ssh (3.2.0)
    netaddr (1.5.1)
    pry (0.10.4)
      coderay (~> 1.1.0)
      method_source (~> 0.8.1)
      slop (~> 3.4)
    rack (1.6.4)
    rack-protection (1.5.3)
      rack
    rack-test (0.6.3)
      rack (>= 1.0)
    rake (10.5.0)
    rspec (3.5.0)
      rspec-core (~> 3.5.0)
      rspec-expectations (~> 3.5.0)
      rspec-mocks (~> 3.5.0)
    rspec-core (3.5.4)
      rspec-support (~> 3.5.0)
    rspec-expectations (3.5.0)
      diff-lcs (>= 1.2.0, < 2.0)
      rspec-support (~> 3.5.0)
    rspec-its (1.2.0)
      rspec-core (>= 3.0.0)
      rspec-expectations (>= 3.0.0)
    rspec-mocks (3.5.0)
      diff-lcs (>= 1.2.0, < 2.0)
      rspec-support (~> 3.5.0)
    rspec-support (3.5.0)
    secure_headers (3.5.0)
      useragent
    sinatra (1.4.7)
      rack (~> 1.5)
      rack-protection (~> 1.4)
      tilt (>= 1.3, < 3)
    sinatra-contrib (1.4.7)
      backports (>= 2.0)
      multi_json
      rack-protection
      rack-test
      sinatra (~> 1.4.0)
      tilt (>= 1.3, < 3)
    slop (3.6.0)
    sqlite3 (1.3.12)
    tilt (2.0.5)
    useragent (0.16.8)

PLATFORMS
  ruby

DEPENDENCIES
  pry
  rack-test
  rake (~> 10.3)
  rspec (~> 3.0)
  rspec-its (~> 1.2)
  ssh_scan!

BUNDLED WITH
   1.13.5
